GEM
  remote: http://rubygems.org/
  specs:
    actionview (4.1.6)
      activesupport (= 4.1.6)
      builder (~> 3.1)
      erubis (~> 2.7.0)
    activesupport (4.1.6)
      i18n (~> 0.6, >= 0.6.9)
      json (~> 1.7, >= 1.7.7)
      minitest (~> 5.1)
      thread_safe (~> 0.1)
      tzinfo (~> 1.1)
    binding_of_caller (0.7.2)
      debug_inspector (>= 0.0.1)
    builder (3.2.2)
    chronic (0.10.2)
    coderay (1.1.0)
    colorize (0.7.3)
    crass (0.2.1)
    debug_inspector (0.0.2)
    dentaku (2.0.7)
    erubis (2.7.0)
    faker (1.4.3)
      i18n (~> 0.5)
    git (1.2.8)
    htmlentities (4.3.2)
    httparty (0.13.5)
      json (~> 1.8)
      multi_xml (>= 0.5.2)
    i18n (0.6.11)
    json (1.8.1)
    method_source (0.8.2)
    mini_portile (0.6.0)
    minitest (5.4.2)
    multi_xml (0.5.5)
    nokogiri (1.6.3.1)
      mini_portile (= 0.6.0)
    nokogumbo (1.1.12)
      nokogiri
    pry (0.10.1)
      coderay (~> 1.1.0)
      method_source (~> 0.8.1)
      slop (~> 3.4)
    pry-stack_explorer (0.4.9.1)
      binding_of_caller (>= 0.7)
      pry (>= 0.9.11)
    rack (1.5.2)
    radius (0.7.4)
    sanitize (3.0.2)
      crass (~> 0.2.0)
      nokogiri (>= 1.4.4)
      nokogumbo (= 1.1.12)
    slop (3.6.0)
    thread_safe (0.3.4)
    tzinfo (1.2.2)
      thread_safe (~> 0.1)
    wannabe_bool (0.1.1)
    webrick (1.3.1)

PLATFORMS
  ruby

DEPENDENCIES
  actionview
  activesupport
  chronic
  colorize
  dentaku
  faker
  git
  htmlentities
  httparty
  nokogiri
  pry
  pry-stack_explorer
  rack
  radius
  sanitize
  wannabe_bool
  webrick
