GEM
  remote: http://rubygems.org/
  specs:
    actionview (5.0.0.1)
      activesupport (= 5.0.0.1)
      builder (~> 3.1)
      erubis (~> 2.7.0)
      rails-dom-testing (~> 2.0)
      rails-html-sanitizer (~> 1.0, >= 1.0.2)
    activesupport (5.0.0.1)
      concurrent-ruby (~> 1.0, >= 1.0.2)
      i18n (~> 0.7)
      minitest (~> 5.1)
      tzinfo (~> 1.1)
    binding_of_caller (0.7.2)
      debug_inspector (>= 0.0.1)
    builder (3.2.2)
    chronic (0.10.2)
    coderay (1.1.1)
    colorize (0.8.1)
    concurrent-ruby (1.0.2)
    crass (1.0.2)
    debug_inspector (0.0.2)
    dentaku (2.0.9)
    erubis (2.7.0)
    faker (1.6.6)
      i18n (~> 0.5)
    git (1.3.0)
    htmlentities (4.3.4)
    httparty (0.14.0)
      multi_xml (>= 0.5.2)
    i18n (0.7.0)
    loofah (2.0.3)
      nokogiri (>= 1.5.9)
    method_source (0.8.2)
    mini_portile2 (2.1.0)
    minitest (5.9.1)
    multi_xml (0.5.5)
    nokogiri (1.6.8.1)
      mini_portile2 (~> 2.1.0)
    nokogumbo (1.4.10)
      nokogiri
    pry (0.10.4)
      coderay (~> 1.1.0)
      method_source (~> 0.8.1)
      slop (~> 3.4)
    pry-stack_explorer (0.4.9.2)
      binding_of_caller (>= 0.7)
      pry (>= 0.9.11)
    rack (2.0.1)
    radius (0.7.4)
    rails-dom-testing (2.0.1)
      activesupport (>= 4.2.0, < 6.0)
      nokogiri (~> 1.6.0)
    rails-html-sanitizer (1.0.3)
      loofah (~> 2.0)
    sanitize (4.4.0)
      crass (~> 1.0.2)
      nokogiri (>= 1.4.4)
      nokogumbo (~> 1.4.1)
    slop (3.6.0)
    thread_safe (0.3.5)
    tzinfo (1.2.2)
      thread_safe (~> 0.1)
    wannabe_bool (0.6.0)
    webrick (1.3.1)

PLATFORMS
  ruby

DEPENDENCIES
  actionview
  activesupport
  chronic
  colorize
  dentaku
  faker (~> 1.6.5)
  git
  htmlentities
  httparty
  nokogiri
  pry
  pry-stack_explorer
  rack
  radius
  sanitize
  wannabe_bool
  webrick

RUBY VERSION
   ruby 2.3.1p112

BUNDLED WITH
   1.13.6
